GEM
  remote: https://rubygems.org/
  specs:
    coderay (1.1.2)
    ffi (1.11.1)
    method_source (0.9.2)
    multi_json (1.15.0)
    mustermann (1.1.1)
      ruby2_keywords (~> 0.0.1)
    pg (1.1.4)
    pry (0.12.2)
      coderay (~> 1.1.0)
      method_source (~> 0.9.0)
    rack (2.2.3)
    rack-protection (2.2.0)
      rack
    rack-sassc (0.1.0)
      rack (>= 1.0)
      sassc (~> 2.0)
    ruby2_keywords (0.0.5)
    sassc (2.2.1)
      ffi (~> 1.9)
    sequel (5.19.0)
    sinatra (2.2.0)
      mustermann (~> 1.0)
      rack (~> 2.2)
      rack-protection (= 2.2.0)
      tilt (~> 2.0)
    sinatra-contrib (2.2.0)
      multi_json
      mustermann (~> 1.0)
      rack-protection (= 2.2.0)
      sinatra (= 2.2.0)
      tilt (~> 2.0)
    tilt (2.0.10)

PLATFORMS
  ruby

DEPENDENCIES
  pg
  pry
  rack-sassc
  sassc
  sequel
  sinatra
  sinatra-contrib

BUNDLED WITH
   1.17.2
